PATH
  remote: .
  specs:
    cache-flow (0.0.3)
      activesupport (~> 3.1.0, >= 3.1.0)
      i18n (= 0.6.9)
      tzinfo (= 0.3.38)

GEM
  remote: https://rubygems.org/
  specs:
    activesupport (3.1.12)
      multi_json (~> 1.0)
    diff-lcs (1.2.5)
    i18n (0.6.9)
    multi_json (1.10.1)
    rspec (3.0.0)
      rspec-core (~> 3.0.0)
      rspec-expectations (~> 3.0.0)
      rspec-mocks (~> 3.0.0)
    rspec-core (3.0.1)
      rspec-support (~> 3.0.0)
    rspec-expectations (3.0.1)
      diff-lcs (>= 1.2.0, < 2.0)
      rspec-support (~> 3.0.0)
    rspec-mocks (3.0.1)
      rspec-support (~> 3.0.0)
    rspec-support (3.0.0)
    tzinfo (0.3.38)

PLATFORMS
  ruby

DEPENDENCIES
  cache-flow!
  rspec (= 3.0.0)
