PATH
  remote: .
  specs:
    cache-flow (0.0.6)
      activesupport (>= 3.1.0)
      i18n (>= 0.6.9)
      tzinfo (= 0.3.38)

GEM
  remote: https://rubygems.org/
  specs:
    activesupport (4.0.3)
      i18n (~> 0.6, >= 0.6.4)
      minitest (~> 4.2)
      multi_json (~> 1.3)
      thread_safe (~> 0.1)
      tzinfo (~> 0.3.37)
    diff-lcs (1.2.5)
    i18n (0.7.0)
    minitest (4.7.5)
    multi_json (1.11.0)
    rspec (3.2.0)
      rspec-core (~> 3.2.0)
      rspec-expectations (~> 3.2.0)
      rspec-mocks (~> 3.2.0)
    rspec-core (3.2.2)
      rspec-support (~> 3.2.0)
    rspec-expectations (3.2.0)
      diff-lcs (>= 1.2.0, < 2.0)
      rspec-support (~> 3.2.0)
    rspec-mocks (3.2.1)
      diff-lcs (>= 1.2.0, < 2.0)
      rspec-support (~> 3.2.0)
    rspec-support (3.2.2)
    thread_safe (0.3.5)
    tzinfo (0.3.38)

PLATFORMS
  ruby

DEPENDENCIES
  cache-flow!
  rspec (= 3.2.0)
